GEM
  remote: http://rubygems.org/
  specs:
    aws-s3 (0.6.2)
      builder
      mime-types
      xml-simple
    builder (3.0.0)
    daemons (1.1.0)
    eventmachine (0.12.10)
    foreman (0.16.0)
      term-ansicolor (~> 1.0.5)
      thor (>= 0.13.6)
    json (1.5.1)
    mime-types (1.16)
    rack (1.3.0)
    sinatra (1.2.6)
      rack (~> 1.1)
      tilt (>= 1.2.2, < 2.0)
    term-ansicolor (1.0.5)
    thin (1.2.11)
      daemons (>= 1.0.9)
      eventmachine (>= 0.12.6)
      rack (>= 1.0.0)
    thor (0.14.6)
    tilt (1.3.2)
    xml-simple (1.0.16)

PLATFORMS
  ruby

DEPENDENCIES
  aws-s3
  foreman
  json
  sinatra (= 1.2.6)
  thin
